PATH
  remote: .
  specs:
    hai (0.0.2)
      activerecord (~> 7.0)
      graphql (~> 2.0)
      pg (~> 1.3.5)

GEM
  remote: https://rubygems.org/
  specs:
    activemodel (7.0.3)
      activesupport (= 7.0.3)
    activerecord (7.0.3)
      activemodel (= 7.0.3)
      activesupport (= 7.0.3)
    activesupport (7.0.3)
      concurrent-ruby (~> 1.0, >= 1.0.2)
      i18n (>= 1.6, < 2)
      minitest (>= 5.1)
      tzinfo (~> 2.0)
    ast (2.4.2)
    coderay (1.1.3)
    concurrent-ruby (1.1.10)
    factory_bot (6.2.1)
      activesupport (>= 5.0.0)
    graphql (2.0.9)
    i18n (1.10.0)
      concurrent-ruby (~> 1.0)
    language_server-protocol (3.16.0.3)
    method_source (1.0.0)
    minitest (5.16.0)
    parallel (1.21.0)
    parser (3.1.1.0)
      ast (~> 2.4.1)
    pg (1.3.5)
    prettier_print (0.1.0)
    pry (0.14.1)
      coderay (~> 1.1)
      method_source (~> 1.0)
    rainbow (3.1.1)
    rake (13.0.6)
    regexp_parser (2.5.0)
    rexml (3.2.5)
    rubocop (1.25.1)
      parallel (~> 1.10)
      parser (>= 3.1.0.0)
      rainbow (>= 2.2.2, < 4.0)
      regexp_parser (>= 1.8, < 3.0)
      rexml
      rubocop-ast (>= 1.15.1, < 2.0)
      ruby-progressbar (~> 1.7)
      unicode-display_width (>= 1.4.0, < 3.0)
    rubocop-ast (1.16.0)
      parser (>= 3.1.1.0)
    ruby-lsp (0.1.0)
      language_server-protocol
      rubocop (>= 1.0)
      sorbet-runtime
      syntax_tree (>= 2.4)
    ruby-progressbar (1.11.0)
    sorbet-runtime (0.5.10139)
    syntax_tree (2.8.0)
      prettier_print
    tzinfo (2.0.4)
      concurrent-ruby (~> 1.0)
    unicode-display_width (2.1.0)

PLATFORMS
  x86_64-darwin-21
  x86_64-linux

DEPENDENCIES
  activesupport (~> 7.0)
  factory_bot
  hai!
  minitest (~> 5.0)
  pry
  rake (~> 13.0)
  rubocop (~> 1.21)
  ruby-lsp

BUNDLED WITH
   2.3.5
